PATH
  remote: .
  specs:
    hope (0.1.0-java)
      em-zeromq (~> 0.2.1)
      json-jruby (~> 1.4)
      sinatra (~> 1.0.0)
      thin

GEM
  remote: http://rubygems.org/
  specs:
    ZenTest (4.5.0)
    autotest-growl (0.2.9)
    backports (2.3.0)
    coffee-script (2.2.0)
      coffee-script-source
      execjs
    coffee-script-source (1.1.1)
    daemons (1.1.4)
    diff-lcs (1.1.2)
    eco (1.0.0)
      coffee-script
      eco-source
      execjs
    eco-source (1.1.0.rc.1)
    em-zeromq (0.2.1)
      eventmachine (>= 1.0.0.beta.3)
      ffi-rzmq (>= 0.7.2)
    eventmachine (1.0.0.beta.3-java)
    execjs (1.2.0)
      multi_json (~> 1.0)
    ffi-rzmq (0.8.0)
    growl (1.0.3)
    http_parser.rb (0.5.1-java)
    json (1.5.0-java)
    json-jruby (1.5.0-java)
      json (= 1.5.0)
    monkey-lib (0.5.4)
      backports
    multi_json (1.0.3)
    rack (1.3.0)
    rake (0.9.2)
    rcov (0.9.9-java)
    rspec (2.6.0)
      rspec-core (~> 2.6.0)
      rspec-expectations (~> 2.6.0)
      rspec-mocks (~> 2.6.0)
    rspec-core (2.6.4)
    rspec-expectations (2.6.0)
      diff-lcs (~> 1.1.2)
    rspec-mocks (2.6.0)
    simple_oauth (0.1.5)
    sinatra (1.0)
      rack (>= 1.0)
    sinatra-advanced-routes (0.5.1)
      monkey-lib (~> 0.5.0)
      sinatra (~> 1.0)
      sinatra-sugar (~> 0.5.0)
    sinatra-reloader (0.5.0)
      sinatra (~> 1.0)
      sinatra-advanced-routes (~> 0.5.0)
    sinatra-sugar (0.5.1)
      monkey-lib (~> 0.5.0)
      sinatra (~> 1.0)
    thin (1.2.11)
      daemons (>= 1.0.9)
      eventmachine (>= 0.12.6)
      rack (>= 1.0.0)
    twitter-stream (0.1.14)
      eventmachine (>= 0.12.8)
      http_parser.rb (~> 0.5.1)
      simple_oauth (~> 0.1.4)
    watchr (0.7)

PLATFORMS
  java

DEPENDENCIES
  ZenTest (~> 4.5)
  autotest-growl
  eco (~> 1.0.0)
  growl
  hope!
  rake (~> 0.9.2)
  rcov (~> 0.9.9)
  rspec (~> 2.6)
  sinatra-reloader
  twitter-stream
  watchr
